GEM
  remote: https://rubygems.org/
  specs:
    activemodel (5.0.6)
      activesupport (= 5.0.6)
    activesupport (5.0.6)
      concurrent-ruby (~> 1.0, >= 1.0.2)
      i18n (~> 0.7)
      minitest (~> 5.1)
      tzinfo (~> 1.1)
    coderay (1.1.2)
    concurrent-ruby (1.0.5)
    ethon (0.10.1)
      ffi (>= 1.3.0)
    faraday (0.12.1)
      multipart-post (>= 1.2, < 3)
    faraday_middleware (0.10.1)
      faraday (>= 0.7.4, < 1.0)
    faraday_middleware-multi_json (0.0.6)
      faraday_middleware
      multi_json
    ffi (1.9.18)
    httpclient (2.8.3)
    i18n (0.9.0)
      concurrent-ruby (~> 1.0)
    json (2.1.0)
    method_source (0.9.0)
    minitest (5.10.3)
    multi_json (1.12.1)
    multipart-post (2.0.0)
    neo4j (8.1.3)
      activemodel (>= 4.0)
      activesupport (>= 4.0)
      neo4j-core (>= 7.0.0)
      orm_adapter (~> 0.5.0)
    neo4j-community (2.2.4.1)
    neo4j-core (7.2.1)
      activesupport (>= 4.0)
      faraday (>= 0.9.0)
      faraday_middleware (~> 0.10.0)
      faraday_middleware-multi_json
      httpclient
      json
      multi_json
      neo4j-rake_tasks (>= 0.3.0)
      typhoeus (>= 1.1.2)
    neo4j-rake_tasks (0.7.12)
      os
      rake
      ruby-progressbar
      rubyzip (>= 1.1.7)
    orm_adapter (0.5.0)
    os (1.0.0)
    pry (0.11.1)
      coderay (~> 1.1.0)
      method_source (~> 0.9.0)
    rake (12.1.0)
    ruby-progressbar (1.8.1)
    rubyzip (1.2.1)
    thread_safe (0.3.6)
    typhoeus (1.1.2)
      ethon (>= 0.9.0)
    tzinfo (1.2.3)
      thread_safe (~> 0.1)

PLATFORMS
  ruby

DEPENDENCIES
  neo4j
  neo4j-community
  pry
  rake

BUNDLED WITH
   1.15.4
